GEM
  remote: https://rubygems.org/
  specs:
    actionmailer (3.2.16)
      actionpack (= 3.2.16)
      mail (~> 2.5.4)
    actionpack (3.2.16)
      activemodel (= 3.2.16)
      activesupport (= 3.2.16)
      builder (~> 3.0.0)
      erubis (~> 2.7.0)
      journey (~> 1.0.4)
      rack (~> 1.4.5)
      rack-cache (~> 1.2)
      rack-test (~> 0.6.1)
      sprockets (~> 2.2.1)
    activemodel (3.2.16)
      activesupport (= 3.2.16)
      builder (~> 3.0.0)
    activerecord (3.2.16)
      activemodel (= 3.2.16)
      activesupport (= 3.2.16)
      arel (~> 3.0.2)
      tzinfo (~> 0.3.29)
    activeresource (3.2.16)
      activemodel (= 3.2.16)
      activesupport (= 3.2.16)
    activesupport (3.2.16)
      i18n (~> 0.6, >= 0.6.4)
      multi_json (~> 1.0)
    addressable (2.3.8)
    annotate (2.5.0)
      rake
    arel (3.0.3)
    autoprefixer-rails (5.2.0)
      execjs
      json
    aws_cf_signer (0.1.3)
    bcrypt-ruby (3.0.1)
    bcrypt-ruby (3.0.1-x86-mingw32)
    bootstrap-sass (3.3.4.1)
      autoprefixer-rails (>= 5.0.0.1)
      sass (>= 3.2.19)
    bootstrap-will_paginate (0.0.10)
      will_paginate
    builder (3.0.4)
    capybara (1.1.2)
      mime-types (>= 1.16)
      nokogiri (>= 1.3.3)
      rack (>= 1.0.0)
      rack-test (>= 0.5.4)
      selenium-webdriver (~> 2.0)
      xpath (~> 0.1.4)
    carrierwave (0.10.0)
      activemodel (>= 3.2.0)
      activesupport (>= 3.2.0)
      json (>= 1.7)
      mime-types (>= 1.16)
    childprocess (0.5.6)
      ffi (~> 1.0, >= 1.0.11)
    cloudinary (1.1.0)
      aws_cf_signer
      rest-client
    coffee-rails (3.2.2)
      coffee-script (>= 2.2.0)
      railties (~> 3.2.0)
    coffee-script (2.4.1)
      coffee-script-source
      execjs
    coffee-script-source (1.9.1.1)
    crass (1.0.2)
    diff-lcs (1.1.3)
    domain_name (0.5.24)
      unf (>= 0.0.5, < 1.0.0)
    erubis (2.7.0)
    execjs (2.5.2)
    faker (1.0.1)
      i18n (~> 0.4)
    faraday (0.9.1)
      multipart-post (>= 1.2, < 3)
    ffi (1.9.8)
    ffi (1.9.8-x86-mingw32)
    flash_cookie_session (1.1.6)
      rails (>= 3.0)
    font-awesome-rails (4.3.0.0)
      railties (>= 3.2, < 5.0)
    fullcalendar-rails (2.3.1.0)
      jquery-rails (>= 3.1.1, < 5.0.0)
      momentjs-rails (~> 2.8, >= 2.8.4)
    geocoder (1.2.9)
    hashie (3.4.2)
    hike (1.2.3)
    http-cookie (1.0.2)
      domain_name (~> 0.5)
    httpauth (0.2.1)
    i18n (0.7.0)
    journey (1.0.4)
    jquery-rails (3.1.2)
      railties (>= 3.0, < 5.0)
      thor (>= 0.14, < 2.0)
    jquery-tokeninput-rails (1.6.0)
    jquery-ui-rails (5.0.5)
      railties (>= 3.2.16)
    json (1.8.3)
    jwt (0.1.13)
      multi_json (>= 1.5)
    koala (2.0.0)
      addressable
      faraday
      multi_json
    mail (2.5.4)
      mime-types (~> 1.16)
      treetop (~> 1.4.8)
    mime-types (1.25.1)
    mini_magick (3.5.0)
      subexec (~> 0.2.1)
    mini_portile (0.6.2)
    momentjs-rails (2.10.3)
      railties (>= 3.1)
    multi_json (1.11.1)
    multipart-post (2.0.0)
    netrc (0.10.3)
    newrelic_rpm (3.12.0.288)
    nokogiri (1.6.6.2)
      mini_portile (~> 0.6.0)
    nokogiri (1.6.6.2-x86-mingw32)
      mini_portile (~> 0.6.0)
    nokogumbo (1.4.1)
      nokogiri
    oauth (0.4.7)
    oauth2 (0.8.1)
      faraday (~> 0.8)
      httpauth (~> 0.1)
      jwt (~> 0.1.4)
      multi_json (~> 1.0)
      rack (~> 1.2)
    omniauth (1.2.2)
      hashie (>= 1.2, < 4)
      rack (~> 1.0)
    omniauth-facebook (1.4.0)
      omniauth-oauth2 (~> 1.0.2)
    omniauth-google-oauth2 (0.2.2)
      omniauth (~> 1.0)
      omniauth-oauth2
    omniauth-identity (1.1.1)
      bcrypt-ruby (~> 3.0)
      omniauth (~> 1.0)
    omniauth-oauth (1.1.0)
      oauth
      omniauth (~> 1.0)
    omniauth-oauth2 (1.0.3)
      oauth2 (~> 0.8.0)
      omniauth (~> 1.0)
    omniauth-twitter (1.2.0)
      json (~> 1.3)
      omniauth-oauth (~> 1.1)
    pg (0.12.2)
    pg (0.12.2-x86-mingw32)
    polyglot (0.3.5)
    puma (2.11.3)
      rack (>= 1.1, < 2.0)
    rack (1.4.5)
    rack-cache (1.2)
      rack (>= 0.4)
    rack-ssl (1.3.4)
      rack
    rack-test (0.6.3)
      rack (>= 1.0)
    rack-timeout (0.2.4)
    rails (3.2.16)
      actionmailer (= 3.2.16)
      actionpack (= 3.2.16)
      activerecord (= 3.2.16)
      activeresource (= 3.2.16)
      activesupport (= 3.2.16)
      bundler (~> 1.0)
      railties (= 3.2.16)
    rails3-jquery-autocomplete (1.0.15)
      rails (>= 3.2)
    railties (3.2.16)
      actionpack (= 3.2.16)
      activesupport (= 3.2.16)
      rack-ssl (~> 1.3.2)
      rake (>= 0.8.7)
      rdoc (~> 3.4)
      thor (>= 0.14.6, < 2.0)
    rake (10.4.2)
    rdoc (3.12.2)
      json (~> 1.4)
    remotipart (1.2.1)
    rest-client (1.8.0)
      http-cookie (>= 1.0.2, < 2.0)
      mime-types (>= 1.16, < 3.0)
      netrc (~> 0.7)
    rest-client (1.8.0-x86-mingw32)
      ffi (~> 1.9)
      http-cookie (>= 1.0.2, < 2.0)
      mime-types (>= 1.16, < 3.0)
      netrc (~> 0.7)
    rspec (2.11.0)
      rspec-core (~> 2.11.0)
      rspec-expectations (~> 2.11.0)
      rspec-mocks (~> 2.11.0)
    rspec-core (2.11.1)
    rspec-expectations (2.11.3)
      diff-lcs (~> 1.1.3)
    rspec-mocks (2.11.3)
    rspec-rails (2.11.0)
      actionpack (>= 3.0)
      activesupport (>= 3.0)
      railties (>= 3.0)
      rspec (~> 2.11.0)
    rubyzip (1.1.7)
    sanitize (4.0.0)
      crass (~> 1.0.2)
      nokogiri (>= 1.4.4)
      nokogumbo (= 1.4.1)
    sass (3.4.14)
    sass-rails (3.2.6)
      railties (~> 3.2.0)
      sass (>= 3.1.10)
      tilt (~> 1.3)
    schema_plus (1.8.9)
      activerecord (>= 3.2, <= 4.2.0)
      valuable
    selenium-webdriver (2.46.2)
      childprocess (~> 0.5)
      multi_json (~> 1.0)
      rubyzip (~> 1.0)
      websocket (~> 1.0)
    simple_form (2.1.2)
      actionpack (~> 3.0)
      activemodel (~> 3.0)
    sprockets (2.2.3)
      hike (~> 1.2)
      multi_json (~> 1.0)
      rack (~> 1.0)
      tilt (~> 1.1, != 1.3.0)
    sqlite3 (1.3.5)
    sqlite3 (1.3.5-x86-mingw32)
    subexec (0.2.3)
    thor (0.19.1)
    tilt (1.4.1)
    treetop (1.4.15)
      polyglot
      polyglot (>= 0.3.1)
    tzinfo (0.3.44)
    uglifier (2.7.1)
      execjs (>= 0.3.0)
      json (>= 1.8.0)
    unf (0.1.4)
      unf_ext
    unf_ext (0.0.7.1)
    unf_ext (0.0.7.1-x86-mingw32)
    valuable (0.9.9)
    websocket (1.2.2)
    will_paginate (3.0.7)
    xpath (0.1.4)
      nokogiri (~> 1.3)

PLATFORMS
  ruby
  x86-mingw32

DEPENDENCIES
  annotate (= 2.5.0)
  bcrypt-ruby (= 3.0.1)
  bootstrap-sass (~> 3.3.4)
  bootstrap-will_paginate
  capybara (= 1.1.2)
  carrierwave
  cloudinary
  coffee-rails
  faker (= 1.0.1)
  flash_cookie_session
  font-awesome-rails
  fullcalendar-rails
  geocoder
  jquery-rails
  jquery-tokeninput-rails
  jquery-ui-rails (~> 5.0.5)
  koala
  mini_magick (= 3.5.0)
  newrelic_rpm
  omniauth-facebook (= 1.4.0)
  omniauth-google-oauth2
  omniauth-identity
  omniauth-twitter
  pg (= 0.12.2)
  puma
  rack-timeout
  rails (= 3.2.16)
  rails3-jquery-autocomplete
  remotipart
  rspec-rails (= 2.11.0)
  sanitize
  sass-rails
  schema_plus
  simple_form
  sqlite3 (= 1.3.5)
  uglifier
  will_paginate
